GEM
  remote: https://rubygems.org/
  specs:
    celluloid (0.15.2)
      timers (~> 1.1.0)
    celluloid-io (0.15.0)
      celluloid (>= 0.15.0)
      nio4r (>= 0.5.0)
    commonjs (0.2.7)
    ffi (1.9.3)
    less (2.5.0)
      commonjs (~> 0.2.7)
    libv8 (3.16.14.3)
    listen (2.7.1)
      celluloid (>= 0.15.2)
      celluloid-io (>= 0.15.0)
      rb-fsevent (>= 0.9.3)
      rb-inotify (>= 0.9)
    nio4r (1.0.0)
    rack (1.5.2)
    rack-protection (1.5.2)
      rack
    rb-fsevent (0.9.4)
    rb-inotify (0.9.3)
      ffi (>= 0.5.0)
    ref (1.0.5)
    rerun (0.9.0)
      listen (~> 2.7)
    sinatra (1.4.4)
      rack (~> 1.4)
      rack-protection (~> 1.4)
      tilt (~> 1.3, >= 1.3.4)
    therubyracer (0.12.1)
      libv8 (~> 3.16.14.0)
      ref
    tilt (1.4.1)
    timers (1.1.0)

PLATFORMS
  ruby

DEPENDENCIES
  less
  rerun
  sinatra
  therubyracer
